GEM
  remote: http://ruby.taobao.org/
  specs:
    actionmailer (4.0.0)
      actionpack (= 4.0.0)
      mail (~> 2.5.3)
    actionpack (4.0.0)
      activesupport (= 4.0.0)
      builder (~> 3.1.0)
      erubis (~> 2.7.0)
      rack (~> 1.5.2)
      rack-test (~> 0.6.2)
    activemodel (4.0.0)
      activesupport (= 4.0.0)
      builder (~> 3.1.0)
    activerecord (4.0.0)
      activemodel (= 4.0.0)
      activerecord-deprecated_finders (~> 1.0.2)
      activesupport (= 4.0.0)
      arel (~> 4.0.0)
    activerecord-deprecated_finders (1.0.4)
    activesupport (4.0.0)
      i18n (~> 0.6, >= 0.6.4)
      minitest (~> 4.2)
      multi_json (~> 1.3)
      thread_safe (~> 0.1)
      tzinfo (~> 0.3.37)
    arel (4.0.2)
    axiom-types (0.1.1)
      descendants_tracker (~> 0.0.4)
      ice_nine (~> 0.11.0)
      thread_safe (~> 0.3, >= 0.3.1)
    bcrypt (3.1.10)
    builder (3.1.4)
    capistrano (3.4.0)
      i18n
      rake (>= 10.0.0)
      sshkit (~> 1.3)
    capistrano-bundler (1.1.4)
      capistrano (~> 3.1)
      sshkit (~> 1.2)
    capistrano-passenger (0.1.1)
      capistrano (~> 3.0)
    capistrano-rails (1.1.3)
      capistrano (~> 3.1)
      capistrano-bundler (~> 1.1)
    coercible (1.0.0)
      descendants_tracker (~> 0.0.1)
    coffee-rails (4.0.1)
      coffee-script (>= 2.2.0)
      railties (>= 4.0.0, < 5.0)
    coffee-script (2.4.1)
      coffee-script-source
      execjs
    coffee-script-source (1.9.1.1)
    colorize (0.7.7)
    descendants_tracker (0.0.4)
      thread_safe (~> 0.3, >= 0.3.1)
    devise (3.5.1)
      bcrypt (~> 3.0)
      orm_adapter (~> 0.1)
      railties (>= 3.2.6, < 5)
      responders
      thread_safe (~> 0.1)
      warden (~> 1.2.3)
    doorkeeper (2.2.1)
      railties (>= 3.2)
    equalizer (0.0.11)
    erubis (2.7.0)
    execjs (2.5.2)
    grape (0.12.0)
      activesupport
      builder
      hashie (>= 2.1.0)
      multi_json (>= 1.3.2)
      multi_xml (>= 0.5.2)
      rack (>= 1.3.0)
      rack-accept
      rack-mount
      virtus (>= 1.0.0)
    grape-entity (0.4.5)
      activesupport
      multi_json (>= 1.3.2)
    grape-jbuilder (0.2.0)
      grape (>= 0.3)
      i18n
      jbuilder
      tilt
      tilt-jbuilder (>= 0.4.0)
    grape-swagger (0.10.1)
      grape (>= 0.8.0)
      grape-entity
    hashie (3.4.2)
    hike (1.2.3)
    i18n (0.7.0)
    ice_nine (0.11.1)
    jbuilder (1.5.3)
      activesupport (>= 3.0.0)
      multi_json (>= 1.2.0)
    jquery-rails (3.1.3)
      railties (>= 3.0, < 5.0)
      thor (>= 0.14, < 2.0)
    json (1.8.3)
    mail (2.5.4)
      mime-types (~> 1.16)
      treetop (~> 1.4.8)
    mime-types (1.25.1)
    minitest (4.7.5)
    multi_json (1.11.2)
    multi_xml (0.5.5)
    mysql2 (0.3.18)
    net-scp (1.2.1)
      net-ssh (>= 2.6.5)
    net-ssh (2.9.2)
    orm_adapter (0.5.0)
    polyglot (0.3.5)
    rack (1.5.5)
    rack-accept (0.4.5)
      rack (>= 0.4)
    rack-mount (0.8.3)
      rack (>= 1.0.0)
    rack-test (0.6.3)
      rack (>= 1.0)
    rails (4.0.0)
      actionmailer (= 4.0.0)
      actionpack (= 4.0.0)
      activerecord (= 4.0.0)
      activesupport (= 4.0.0)
      bundler (>= 1.3.0, < 2.0)
      railties (= 4.0.0)
      sprockets-rails (~> 2.0.0)
    railties (4.0.0)
      actionpack (= 4.0.0)
      activesupport (= 4.0.0)
      rake (>= 0.8.7)
      thor (>= 0.18.1, < 2.0)
    rake (10.4.2)
    rdoc (4.2.0)
      json (~> 1.4)
    responders (1.1.2)
      railties (>= 3.2, < 4.2)
    sass (3.2.19)
    sass-rails (4.0.5)
      railties (>= 4.0.0, < 5.0)
      sass (~> 3.2.2)
      sprockets (~> 2.8, < 3.0)
      sprockets-rails (~> 2.0)
    sdoc (0.4.1)
      json (~> 1.7, >= 1.7.7)
      rdoc (~> 4.0)
    sprockets (2.12.4)
      hike (~> 1.2)
      multi_json (~> 1.0)
      rack (~> 1.0)
      tilt (~> 1.1, != 1.3.0)
    sprockets-rails (2.0.1)
      actionpack (>= 3.0)
      activesupport (>= 3.0)
      sprockets (~> 2.8)
    sshkit (1.7.1)
      colorize (>= 0.7.0)
      net-scp (>= 1.1.2)
      net-ssh (>= 2.8.0)
    thor (0.19.1)
    thread_safe (0.3.5)
    tilt (1.4.1)
    tilt-jbuilder (0.6.1)
      jbuilder
      tilt (<= 1.5.0)
    treetop (1.4.15)
      polyglot
      polyglot (>= 0.3.1)
    turbolinks (2.5.3)
      coffee-rails
    tzinfo (0.3.44)
    uglifier (2.7.1)
      execjs (>= 0.3.0)
      json (>= 1.8.0)
    virtus (1.0.5)
      axiom-types (~> 0.1)
      coercible (~> 1.0)
      descendants_tracker (~> 0.0, >= 0.0.3)
      equalizer (~> 0.0, >= 0.0.9)
    warden (1.2.3)
      rack (>= 1.0)
    wine_bouncer (0.4.0)
      doorkeeper (>= 1.4, < 3.0)
      grape (~> 0.10, < 0.13)

PLATFORMS
  ruby

DEPENDENCIES
  bcrypt (~> 3.1.7)
  capistrano
  capistrano-bundler
  capistrano-passenger
  capistrano-rails
  coffee-rails (~> 4.0.0)
  devise
  doorkeeper
  grape
  grape-entity
  grape-jbuilder
  grape-swagger
  jbuilder (~> 1.2)
  jquery-rails
  mysql2 (~> 0.3.14)
  rails (= 4.0.0)
  sass-rails (~> 4.0.0)
  sdoc
  turbolinks
  uglifier (>= 1.3.0)
  wine_bouncer

BUNDLED WITH
   1.10.5
